GEM
  specs:
    sass (3.4.23)

PLATFORMS
  ruby

DEPENDENCIES
  sass (= 3.4.23)

BUNDLED WITH
   1.14.6
